GEM
  specs:
    ast (2.4.3)
    binding_of_caller (1.0.1)
      debug_inspector (>= 1.2.0)
    debug_inspector (1.2.0)
    diff-lcs (1.6.0)
    parser (3.3.7.2)
      ast (~> 2.4.1)
      racc
    proc_to_ast (0.2.0)
      parser
      rouge
      unparser
    racc (1.8.1)
    rouge (4.5.1)
    rspec (3.13.0)
      rspec-core (~> 3.13.0)
      rspec-expectations (~> 3.13.0)
      rspec-mocks (~> 3.13.0)
    rspec-core (3.13.3)
      rspec-support (~> 3.13.0)
    rspec-expectations (3.13.3)
      diff-lcs (>= 1.2.0, < 2.0)
      rspec-support (~> 3.13.0)
    rspec-mocks (3.13.2)
      diff-lcs (>= 1.2.0, < 2.0)
      rspec-support (~> 3.13.0)
    rspec-parameterized (1.0.2)
      rspec-parameterized-core (< 2)
      rspec-parameterized-table_syntax (< 2)
    rspec-parameterized-core (1.0.1)
      parser
      proc_to_ast (>= 0.2.0)
      rspec (>= 2.13, < 4)
      unparser
    rspec-parameterized-table_syntax (1.0.1)
      binding_of_caller
      rspec-parameterized-core (< 2)
    rspec-support (3.13.2)
    unparser (0.7.0)
      diff-lcs (~> 1.6)
      parser (>= 3.3.0)

PLATFORMS
  x64-mingw-ucrt

DEPENDENCIES
  rspec-parameterized

RUBY VERSION
   ruby 3.4.1p0

BUNDLED WITH
   2.6.6
